GEM
  remote: http://rubygems.org/
  specs:
    albino (1.3.3)
      posix-spawn (>= 0.3.6)
    classifier (1.3.3)
      fast-stemmer (>= 1.0.0)
    coffee-script (2.2.0)
      coffee-script-source
      execjs
    coffee-script-source (1.3.3)
    commonjs (0.2.6)
    directory_watcher (1.4.1)
    execjs (1.4.0)
      multi_json (~> 1.0)
    fast-stemmer (1.0.1)
    haml (3.1.6)
    jekyll (0.11.2)
      albino (~> 1.3)
      classifier (~> 1.3)
      directory_watcher (~> 1.1)
      kramdown (~> 0.13)
      liquid (~> 2.3)
      maruku (~> 0.5)
    kramdown (0.13.7)
    less (2.2.1)
      commonjs (~> 0.2.6)
    liquid (2.3.0)
    maruku (0.6.0)
      syntax (>= 1.0.0)
    multi_json (1.3.6)
    posix-spawn (0.3.6)
    syntax (1.0.0)

PLATFORMS
  ruby

DEPENDENCIES
  coffee-script
  haml
  jekyll
  less
